GEM
  remote: https://rubygems.org/
  specs:
    httpclient (2.8.3)
    mustermann (1.1.0)
      ruby2_keywords (~> 0.0.1)
    rack (2.2.6.4)
    rack-protection (2.0.8.1)
      rack
    ruby2_keywords (0.0.1)
    sinatra (2.0.8.1)
      mustermann (~> 1.0)
      rack (~> 2.0)
      rack-protection (= 2.0.8.1)
      tilt (~> 2.0)
    tilt (2.0.10)

PLATFORMS
  ruby

DEPENDENCIES
  httpclient
  sinatra

BUNDLED WITH
   1.17.3
